GEM
  remote: https://rubygems.org/
  specs:
    foreman (0.84.0)
      thor (~> 0.19.1)
    mustermann (1.0.2)
    oj (3.6.0)
    puma (3.11.4)
    rack (2.0.5)
    rack-protection (2.0.1)
      rack
    sinatra (2.0.1)
      mustermann (~> 1.0)
      rack (~> 2.0)
      rack-protection (= 2.0.1)
      tilt (~> 2.0)
    thor (0.19.4)
    tilt (2.0.8)

PLATFORMS
  ruby

DEPENDENCIES
  foreman
  oj
  puma
  sinatra

BUNDLED WITH
   1.16.2
